GEM
  remote: https://rubygems.org/
  specs:
    chunky_png (1.3.7)

PLATFORMS
  ruby

DEPENDENCIES
  chunky_png (~> 1.3, >= 1.3.7)

BUNDLED WITH
   1.12.5
